GEM
  specs:
    diff-lcs (1.5.0)
    json (2.6.3)
    rexml (3.2.5)
    rspec (3.12.0)
      rspec-core (~> 3.12.0)
      rspec-expectations (~> 3.12.0)
      rspec-mocks (~> 3.12.0)
    rspec-core (3.12.1)
      rspec-support (~> 3.12.0)
    rspec-expectations (3.12.2)
      diff-lcs (>= 1.2.0, < 2.0)
      rspec-support (~> 3.12.0)
    rspec-mocks (3.12.5)
      diff-lcs (>= 1.2.0, < 2.0)
      rspec-support (~> 3.12.0)
    rspec-support (3.12.0)
    xml-simple (1.1.9)
      rexml

PLATFORMS
  arm64-darwin-21

DEPENDENCIES
  json (~> 2.6, >= 2.6.3)
  rspec (~> 3.12)
  xml-simple (~> 1.1, >= 1.1.9)

RUBY VERSION
   ruby 3.1.2p20

BUNDLED WITH
   2.4.10
