GEM
  specs:
    json (2.6.3)
    rexml (3.2.5)
    xml-simple (1.1.9)
      rexml

PLATFORMS
  arm64-darwin-21

DEPENDENCIES
  json (~> 2.6, >= 2.6.3)
  xml-simple (~> 1.1, >= 1.1.9)

RUBY VERSION
   ruby 3.1.2p20

BUNDLED WITH
   2.4.10
